NUGET
  remote: https://nuget.org/api/v2
  specs:
    FAKE (4.9.3)
    FunScript (1.1.94)
    Microsoft.Bcl (1.1.10)
      Microsoft.Bcl.Build (>= 1.0.14)
    Microsoft.Bcl.Build (1.0.21) - import_targets: false
    Microsoft.Net.Http (2.2.29)
      Microsoft.Bcl (>= 1.1.10)
      Microsoft.Bcl.Build (>= 1.0.14)
    Node.js (4.0.0)
    Npm.js (2.13.1)
      Node.js (>= 0.12.7)
    Octokit (0.16.0)
      Microsoft.Net.Http
GITHUB
  remote: fsharp/FAKE
  specs:
    modules/Octokit/Octokit.fsx (752592c55d7f9e2b7a10f1782cb4128703d7a7d3)
      Octokit