NUGET
  remote: https://nuget.org/api/v2
  specs:
    FAKE (4.0.0)
    FunScript (1.1.94)
