NUGET
  remote: https://www.nuget.org/api/v2
  specs:
    FAKE (4.9.3)
    FunScript (1.1.94)
    Microsoft.Bcl (1.1.10)
      Microsoft.Bcl.Build (>= 1.0.14)
    Microsoft.Bcl.Build (1.0.21) - import_targets: false
    Microsoft.Net.Http (2.2.29)
      Microsoft.Bcl (>= 1.1.10)
      Microsoft.Bcl.Build (>= 1.0.14)
    Node.js (4.0.0)
    Npm.js (2.13.1)
      Node.js (>= 0.12.7)
    Octokit (0.16.0)
      Microsoft.Net.Http
GIT
  remote: git@github.com:ionide/ionide-vscode-helpers.git
  specs:
     (b81a80ede2179222a5639cf866423d9bc6c2f0b4)
      build: build.cmd
GITHUB
  remote: fsharp/FAKE
  specs:
    modules/Octokit/Octokit.fsx (43c4800c5f132d2c2d6832a3a59232a64d83d4c0)
      Octokit